GEM
  remote: https://rubygems.org/
  specs:
    curb (0.8.5)
    diff-lcs (1.2.5)
    rack (1.5.2)
    rack-protection (1.5.3)
      rack
    rake (0.9.6)
    redis (3.0.7)
    rspec (2.14.1)
      rspec-core (~> 2.14.0)
      rspec-expectations (~> 2.14.0)
      rspec-mocks (~> 2.14.0)
    rspec-core (2.14.8)
    rspec-expectations (2.14.5)
      diff-lcs (>= 1.1.3, < 2.0)
    rspec-mocks (2.14.6)
    sinatra (1.4.5)
      rack (~> 1.4)
      rack-protection (~> 1.4)
      tilt (~> 1.3, >= 1.3.4)
    tilt (1.4.1)

PLATFORMS
  ruby

DEPENDENCIES
  curb
  rake
  redis
  rspec
  sinatra
